GEM
  remote: https://rubygems.org/
  specs:
    activemodel (5.1.5)
      activesupport (= 5.1.5)
    activesupport (5.1.5)
      concurrent-ruby (~> 1.0, >= 1.0.2)
      i18n (~> 0.7)
      minitest (~> 5.1)
      tzinfo (~> 1.1)
    backports (3.11.1)
    bcrypt (3.1.11)
    bcrypt (3.1.11-java)
    bson (4.3.0)
    bson (4.3.0-java)
    concurrent-ruby (1.0.5)
    concurrent-ruby (1.0.5-java)
    database_cleaner (1.6.2)
    domain_name (0.5.20170404)
      unf (>= 0.0.5, < 1.0.0)
    foreman (0.84.0)
      thor (~> 0.19.1)
    http-cookie (1.0.3)
      domain_name (~> 0.5)
    i18n (0.9.5)
      concurrent-ruby (~> 1.0)
    json (2.1.0)
    json (2.1.0-java)
    mime-types (3.1)
      mime-types-data (~> 3.2015)
    mime-types-data (3.2016.0521)
    minitest (5.11.3)
    mongo (2.5.1)
      bson (>= 4.3.0, < 5.0.0)
    mongoid (6.3.0)
      activemodel (~> 5.1)
      mongo (>= 2.5.0, < 3.0.0)
    multi_json (1.13.1)
    mustermann (1.0.2)
    netrc (0.11.0)
    newrelic_rpm (4.8.0.341)
    puma (3.11.3)
    puma (3.11.3-java)
    rack (2.0.4)
    rack-minitest (0.0.10)
      json
      minitest (~> 5.0)
      rack-test
    rack-protection (2.0.1)
      rack
    rack-test (0.8.3)
      rack (>= 1.0, < 3)
    rake (12.3.0)
    redis (4.0.1)
    rest-client (2.0.2)
      http-cookie (>= 1.0.2, < 2.0)
      mime-types (>= 1.16, < 4.0)
      netrc (~> 0.8)
    sinatra (2.0.1)
      mustermann (~> 1.0)
      rack (~> 2.0)
      rack-protection (= 2.0.1)
      tilt (~> 2.0)
    sinatra-contrib (2.0.1)
      backports (>= 2.0)
      multi_json
      mustermann (~> 1.0)
      rack-protection (= 2.0.1)
      sinatra (= 2.0.1)
      tilt (>= 1.3, < 3)
    sinatra-flash (0.3.0)
      sinatra (>= 1.0.0)
    thor (0.19.4)
    thread_safe (0.3.6)
    thread_safe (0.3.6-java)
    tilt (2.0.8)
    tzinfo (1.2.5)
      thread_safe (~> 0.1)
    unf (0.1.4)
      unf_ext
    unf (0.1.4-java)
    unf_ext (0.0.7.5)

PLATFORMS
  java
  ruby

DEPENDENCIES
  bcrypt (~> 3.1, >= 3.1.11)
  database_cleaner
  foreman
  minitest (~> 5.8, >= 5.8.4)
  mongoid (~> 6.3)
  newrelic_rpm
  puma
  rack-minitest
  rake
  redis
  rest-client
  sinatra (= 2.0.1)
  sinatra-contrib
  sinatra-flash (~> 0.3.0)

RUBY VERSION
   ruby 2.5.0p0

BUNDLED WITH
   1.16.1
